GEM
  remote: https://rubygems.org/
  specs:
    coderay (1.0.9)
    colorize (0.6.0)
    dnsruby (1.54)
    method_source (0.8.2)
    pry (0.9.12.2)
      coderay (~> 1.0.5)
      method_source (~> 0.8)
      slop (~> 3.4)
    slop (3.4.6)
    thor (0.18.1)

PLATFORMS
  ruby

DEPENDENCIES
  colorize
  dnsruby
  pry
  thor
